GEM
  remote: https://rubygems.org/
  specs:
    activesupport (5.2.8.1)
      concurrent-ruby (~> 1.0, >= 1.0.2)
      i18n (>= 0.7, < 2)
      minitest (~> 5.1)
      tzinfo (~> 1.1)
    concurrent-ruby (1.1.10)
    dalli (2.7.11)
    faraday (0.17.6)
      multipart-post (>= 1.2, < 3)
    faraday_middleware (0.14.0)
      faraday (>= 0.7.4, < 1.0)
    gemstash (2.0.0)
      activesupport (>= 4.2, < 6)
      dalli (~> 2.7)
      faraday (~> 0.9)
      faraday_middleware (~> 0.10)
      lru_redux (~> 1.1)
      puma (~> 3.10)
      sequel (~> 5.0)
      server_health_check-rack (~> 0.1)
      sinatra (>= 1.4, < 3.0)
      sqlite3 (~> 1.3)
      thor (~> 0.20)
    i18n (1.12.0)
      concurrent-ruby (~> 1.0)
    lru_redux (1.1.0)
    minitest (5.16.3)
    multipart-post (2.2.3)
    mustermann (2.0.2)
      ruby2_keywords (~> 0.0.1)
    pg (1.4.5)
    puma (3.12.6)
    rack (2.2.4)
    rack-protection (2.2.3)
      rack
    ruby2_keywords (0.0.5)
    sequel (5.63.0)
    server_health_check (1.0.2)
    server_health_check-rack (0.1.0)
      server_health_check (~> 1.0, >= 1.0.1)
    sinatra (2.2.3)
      mustermann (~> 2.0)
      rack (~> 2.2)
      rack-protection (= 2.2.3)
      tilt (~> 2.0)
    sqlite3 (1.5.4-x86_64-darwin)
    thor (0.20.3)
    thread_safe (0.3.6)
    tilt (2.0.11)
    tzinfo (1.2.10)
      thread_safe (~> 0.1)

PLATFORMS
  x86_64-darwin-21

DEPENDENCIES
  gemstash (~> 2.0.0)
  pg
  server_health_check-rack

BUNDLED WITH
   2.3.22
